PATH
  remote: .
  specs:
    activerecord-validate_unique_child_attribute (0.1.0)
      activemodel (>= 3.2.0, < 5.2.0)
      activerecord (>= 3.2.0, < 5.2.0)
      activesupport (>= 3.2.0, < 5.2.0)

GEM
  remote: https://rubygems.org/
  specs:
    activemodel (4.2.10)
      activesupport (= 4.2.10)
      builder (~> 3.1)
    activerecord (4.2.10)
      activemodel (= 4.2.10)
      activesupport (= 4.2.10)
      arel (~> 6.0)
    activesupport (4.2.10)
      i18n (~> 0.7)
      minitest (~> 5.1)
      thread_safe (~> 0.3, >= 0.3.4)
      tzinfo (~> 1.1)
    appraisal (2.0.2)
      bundler
      rake
      thor (>= 0.14.0)
    arel (6.0.4)
    ast (2.3.0)
    builder (3.2.3)
    concurrent-ruby (1.0.5)
    diff-lcs (1.2.5)
    i18n (0.9.1)
      concurrent-ruby (~> 1.0)
    minitest (5.10.3)
    parallel (1.12.0)
    parser (2.4.0.2)
      ast (~> 2.3)
    powerpack (0.1.1)
    rainbow (2.2.2)
      rake
    rake (10.4.2)
    rspec (3.0.0)
      rspec-core (~> 3.0.0)
      rspec-expectations (~> 3.0.0)
      rspec-mocks (~> 3.0.0)
    rspec-core (3.0.4)
      rspec-support (~> 3.0.0)
    rspec-expectations (3.0.4)
      diff-lcs (>= 1.2.0, < 2.0)
      rspec-support (~> 3.0.0)
    rspec-mocks (3.0.4)
      rspec-support (~> 3.0.0)
    rspec-support (3.0.4)
    rubocop (0.51.0)
      parallel (~> 1.10)
      parser (>= 2.3.3.1, < 3.0)
      powerpack (~> 0.1)
      rainbow (>= 2.2.2, < 3.0)
      ruby-progressbar (~> 1.7)
      unicode-display_width (~> 1.0, >= 1.0.1)
    ruby-progressbar (1.9.0)
    thor (0.19.4)
    thread_safe (0.3.6)
    tzinfo (1.2.4)
      thread_safe (~> 0.1)
    unicode-display_width (1.3.0)

PLATFORMS
  ruby

DEPENDENCIES
  activerecord-validate_unique_child_attribute!
  appraisal (= 2.0.2)
  rake (~> 10.4)
  rspec (~> 3.0)
  rubocop (~> 0.51)

BUNDLED WITH
   1.16.0
